PATH
  remote: .
  specs:
    subscription_impl (0.1.0)

GEM
  remote: https://rubygems.org/
  specs:
    data_error (3.0.0)
      data_error_impl (~> 3)
      data_error_int (~> 3)
    data_error_impl (3.0.0)
    data_error_int (3.0.0)
    data_impl (0.2.0)
    data_int (0.2.0)
    data_library (0.2.0)
      data_error (~> 3)
      data_impl (~> 0)
      data_int (~> 0)
    data_structure_error (1.2.1)
    data_structure_error_impl (3.0.0)
    data_structure_error_int (3.0.0)
    data_structure_error_library (2.0.0)
      data_structure_error_impl (~> 3)
      data_structure_error_int (~> 3)
    data_structure_impl (1.0.0)
    data_structure_int (1.0.0)
    data_structure_library (2.1.0)
      data_library (~> 0)
      data_structure_error_library (~> 2)
      data_structure_impl (~> 1)
      data_structure_int (~> 1)
      linked_list_impl (~> 1)
      linked_list_int (~> 2)
      linked_list_iterator (~> 1)
      node (~> 4)
    diagram (0.1.0)
      diagram_impl (~> 0)
      diagram_int (~> 0)
      linked_list_library (~> 0)
      node (~> 4)
    diagram_factory_impl (0.1.0)
    diagram_factory_int (1.0.0)
    diagram_impl (0.1.1)
    diagram_int (0.1.0)
    docile (1.3.2)
    linked_list_impl (1.1.0)
    linked_list_int (2.0.0)
    linked_list_iterator (1.1.0)
      linked_list_iterator_impl (~> 2)
      linked_list_iterator_int (~> 2)
      node (~> 4)
    linked_list_iterator_impl (2.1.0)
    linked_list_iterator_int (2.1.0)
    linked_list_library (0.2.0)
      data_library (~> 0)
      data_structure_library (~> 2)
      linked_list_impl (~> 1)
      linked_list_int (~> 2)
      linked_list_iterator (~> 1)
      node (~> 4)
    minitest (5.14.0)
    node (4.2.0)
      node_impl (~> 3)
    node_adapter (0.1.1)
      node_adapter_impl (~> 0)
    node_adapter_impl (0.1.4)
    node_diagram (0.1.0)
      diagram (~> 0)
      node (~> 4)
      node_diagram_impl (~> 0)
      node_diagram_int (~> 0)
    node_diagram_impl (0.1.0)
    node_diagram_int (0.1.0)
    node_error (3.0.0)
      node_error_impl (~> 1.0.0)
      node_error_int (~> 1.0.0)
    node_error_impl (1.0.0)
      node_error_int (~> 1.0.0)
    node_error_int (1.0.0)
      data_structure_error (~> 1.2.0)
    node_impl (3.5.0)
      data_library (~> 0)
      node_adapter (~> 0)
      node_error (~> 3)
      node_int (~> 2)
    node_int (2.3.0)
    rake (13.0.1)
    simplecov (0.18.5)
      docile (~> 1.1)
      simplecov-html (~> 0.11)
    simplecov-html (0.12.2)
    subscription_int (0.1.0)

PLATFORMS
  ruby

DEPENDENCIES
  bundler (~> 2.1)
  diagram_factory_impl (~> 0)
  diagram_factory_int (~> 1)
  minitest (~> 5.0)
  node (~> 4)
  node_diagram (~> 0)
  rake (~> 13.0)
  simplecov (~> 0)
  subscription_impl!
  subscription_int (~> 0)

BUNDLED WITH
   2.1.2
